PATH
  remote: .
  specs:
    kuji-cube (1.5.2)
      httpi (= 0.9.5)
      savon (= 0.9.7)
      wasabi (= 2.0.0)

GEM
  remote: http://rubygems.org/
  specs:
    addressable (2.2.6)
    akami (1.1.0)
      gyoku (>= 0.4.0)
      nokogiri (>= 1.5.2)
    archive-tar-minitar (0.5.2)
    builder (3.0.0)
    columnize (0.3.6)
    crack (0.3.1)
    diff-lcs (1.1.3)
    gyoku (0.4.5)
      builder (>= 2.1.2)
    httpi (0.9.5)
      rack
    linecache (0.46)
      rbx-require-relative (> 0.0.4)
    linecache19 (0.5.13)
      ruby_core_source (>= 0.1.4)
    nokogiri (1.5.5)
    nori (1.1.0)
    rack (1.4.1)
    rbx-require-relative (0.0.9)
    rspec (2.8.0)
      rspec-core (~> 2.8.0)
      rspec-expectations (~> 2.8.0)
      rspec-mocks (~> 2.8.0)
    rspec-core (2.8.0)
    rspec-expectations (2.8.0)
      diff-lcs (~> 1.1.2)
    rspec-mocks (2.8.0)
    ruby-debug (0.10.4)
      columnize (>= 0.1)
      ruby-debug-base (~> 0.10.4.0)
    ruby-debug-base (0.10.4)
      linecache (>= 0.3)
    ruby-debug-base19 (0.11.26)
      columnize (>= 0.3.1)
      linecache19 (>= 0.5.11)
      ruby_core_source (>= 0.1.4)
    ruby-debug19 (0.11.6)
      columnize (>= 0.3.1)
      linecache19 (>= 0.5.11)
      ruby-debug-base19 (>= 0.11.19)
    ruby_core_source (0.1.5)
      archive-tar-minitar (>= 0.5.2)
    savon (0.9.7)
      akami (~> 1.0)
      builder (>= 2.1.2)
      gyoku (>= 0.4.0)
      httpi (~> 0.9)
      nokogiri (>= 1.4.0)
      nori (~> 1.0)
      wasabi (~> 2.0)
    vcr (1.11.3)
    wasabi (2.0.0)
      nokogiri (>= 1.4.0)
    webmock (1.7.10)
      addressable (~> 2.2, > 2.2.5)
      crack (>= 0.1.7)

PLATFORMS
  java
  ruby

DEPENDENCIES
  bundler (>= 1.0.0)
  kuji-cube!
  linecache19 (>= 0.5.13)
  rspec (~> 2.8.0)
  ruby-debug
  ruby-debug-base19 (>= 0.11.26)
  ruby-debug19
  vcr
  webmock
